GEM
  remote: https://rubygems.org/
  specs:
    pdfkit (0.8.2)
    wkhtmltopdf-binary (0.12.3.1)

PLATFORMS
  ruby

DEPENDENCIES
  pdfkit
  wkhtmltopdf-binary

BUNDLED WITH
   1.16.1
